GEM
  remote: https://rubygems.org/
  specs:
    diff-lcs (1.2.5)
    minitest (5.10.1)
    minitest-nyan-cat (0.0.1)
      nyan-cat-formatter (= 0.11)
    nyan-cat-formatter (0.11)
      rspec (>= 2.99, >= 2.14.2, < 4)
    rspec (3.5.0)
      rspec-core (~> 3.5.0)
      rspec-expectations (~> 3.5.0)
      rspec-mocks (~> 3.5.0)
    rspec-core (3.5.4)
      rspec-support (~> 3.5.0)
    rspec-expectations (3.5.0)
      diff-lcs (>= 1.2.0, < 2.0)
      rspec-support (~> 3.5.0)
    rspec-mocks (3.5.0)
      diff-lcs (>= 1.2.0, < 2.0)
      rspec-support (~> 3.5.0)
    rspec-support (3.5.0)

PLATFORMS
  ruby

DEPENDENCIES
  minitest
  minitest-nyan-cat

RUBY VERSION
   ruby 2.3.1p112

BUNDLED WITH
   1.13.6
